GEM
  remote: http://rubygems.org/
  specs:
    aruba (0.2.8)
      childprocess (~> 0.1.6)
      cucumber (~> 0.10.0)
      rspec (~> 2.3.0)
    builder (3.0.0)
    childprocess (0.1.6)
      ffi (~> 0.6.3)
    cucumber (0.10.0)
      builder (>= 2.1.2)
      diff-lcs (~> 1.1.2)
      gherkin (~> 2.3.2)
      json (~> 1.4.6)
      term-ansicolor (~> 1.0.5)
    diff-lcs (1.1.2)
    ffi (0.6.3)
      rake (>= 0.8.7)
    gherkin (2.3.3)
      json (~> 1.4.6)
    jruby-jars (1.5.6)
    jruby-rack (1.0.4)
    json (1.4.6)
    nokogiri (1.4.4)
    rake (0.8.7)
    rspec (2.3.0)
      rspec-core (~> 2.3.0)
      rspec-expectations (~> 2.3.0)
      rspec-mocks (~> 2.3.0)
    rspec-core (2.3.1)
    rspec-expectations (2.3.0)
      diff-lcs (~> 1.1.2)
    rspec-mocks (2.3.0)
    rubyzip (0.9.4)
    term-ansicolor (1.0.5)

PLATFORMS
  ruby

DEPENDENCIES
  aruba
  cucumber
  jruby-jars
  jruby-rack
  nokogiri
  rake
  rspec
  rubyzip
